PATH
  remote: ../rulers
  specs:
    rulers (0.3.0)
      rack

GEM
  remote: https://rubygems.org/
  specs:
    rack (2.0.1)

PLATFORMS
  ruby

DEPENDENCIES
  rulers!

BUNDLED WITH
   1.13.6
